PATH
  remote: .
  specs:
    personalbin (1.0.0.dev1)

GEM
  remote: https://rubygems.org/
  specs:

PLATFORMS
  x86-mingw32

DEPENDENCIES
  personalbin!
