PATH
  remote: .
  specs:
    personalbin (1.2.0)
      rclid (~> 1.0.0)

GEM
  remote: https://rubygems.org/
  specs:
    rclid (1.0.0)

PLATFORMS
  x86-mingw32

DEPENDENCIES
  personalbin!
